GEM
  remote: https://rubygems.org/
  specs:
    activemodel (4.0.13)
      activesupport (= 4.0.13)
      builder (~> 3.1.0)
    activerecord (4.0.13)
      activemodel (= 4.0.13)
      activerecord-deprecated_finders (~> 1.0.2)
      activesupport (= 4.0.13)
      arel (~> 4.0.0)
    activerecord-deprecated_finders (1.0.4)
    activesupport (4.0.13)
      i18n (~> 0.6, >= 0.6.9)
      minitest (~> 4.2)
      multi_json (~> 1.3)
      thread_safe (~> 0.1)
      tzinfo (~> 0.3.37)
    arel (4.0.2)
    builder (3.1.4)
    i18n (0.7.0)
    mini_portile2 (2.1.0)
    minitest (4.7.5)
    multi_json (1.12.1)
    nokogiri (1.6.8)
      mini_portile2 (~> 2.1.0)
      pkg-config (~> 1.1.7)
    pkg-config (1.1.7)
    sqlite3 (1.3.11)
    tbpgr_utils (0.0.151)
      activesupport (~> 4.0.1)
    thread_safe (0.3.5)
    tzinfo (0.3.51)

PLATFORMS
  ruby

DEPENDENCIES
  activerecord
  nokogiri
  sqlite3
  tbpgr_utils

BUNDLED WITH
   1.12.5
